GEM
  remote: http://rubygems.org/
  specs:
    crack (0.1.8)
    dropio (3.0.0.pre7)
      httparty (= 0.6.1)
      json
      mime-types
      multipart-post (= 1.0.1)
    httparty (0.6.1)
      crack (= 0.1.8)
    json (1.4.6)
    mime-types (1.16)
    multipart-post (1.0.1)
    rack (1.2.1)
    rack-flash (0.1.1)
      rack
    sinatra (1.0)
      rack (>= 1.0)

PLATFORMS
  ruby

DEPENDENCIES
  dropio (= 3.0.0.pre7)
  rack-flash (= 0.1.1)
  sinatra (= 1.0)
